GEM
  remote: https://rubygems.org/
  specs:
    kramdown (2.4.0)
      rexml
    nokogiri (1.13.8-x86_64-darwin)
      racc (~> 1.4)
    racc (1.6.0)
    rexml (3.2.5)

PLATFORMS
  x86_64-darwin-21

DEPENDENCIES
  kramdown
  nokogiri

RUBY VERSION
   ruby 3.1.2p20

BUNDLED WITH
   2.3.7
